GIT
  remote: git://github.com/rchampourlier/guard-shotgun.git
  revision: 0677d3ff0a8fe481a9d0f9fd9eaf1f212f623144
  specs:
    guard-shotgun (0.3.0)
      ffi
      guard
      spoon

GIT
  remote: git://github.com/javan/whenever.git
  revision: e5dc59d6af2fcb87881388f7191bb69a0fcb1270
  specs:
    whenever (0.9.2)
      chronic (>= 0.6.3)

GIT
  remote: git://github.com/sinatra/sinatra.git
  revision: 39ce4ebaf9f42cf23d8b8e04682560ac5d291617
  specs:
    sinatra (1.4.5)
      rack (~> 1.4)
      rack-protection (~> 1.4)
      tilt (>= 1.3, < 3)

GEM
  remote: https://rubygems.org/
  specs:
    celluloid (0.15.2)
      timers (~> 1.1.0)
    chronic (0.10.2)
    coderay (1.1.0)
    ffi (1.9.3)
    formatador (0.2.5)
    guard (2.6.1)
      formatador (>= 0.2.4)
      listen (~> 2.7)
      lumberjack (~> 1.0)
      pry (>= 0.9.12)
      thor (>= 0.18.1)
    listen (2.7.9)
      celluloid (>= 0.15.2)
      rb-fsevent (>= 0.9.3)
      rb-inotify (>= 0.9)
    lumberjack (1.0.9)
    method_source (0.8.2)
    mini_portile (0.6.0)
    nokogiri (1.6.3.1)
      mini_portile (= 0.6.0)
    pry (0.10.1)
      coderay (~> 1.1.0)
      method_source (~> 0.8.1)
      slop (~> 3.4)
    rack (1.5.2)
    rack-protection (1.5.3)
      rack
    rb-fsevent (0.9.4)
    rb-inotify (0.9.5)
      ffi (>= 0.5.0)
    slim (2.0.3)
      temple (~> 0.6.6)
      tilt (>= 1.3.3, < 2.1)
    slop (3.6.0)
    spoon (0.0.4)
      ffi
    temple (0.6.8)
    thor (0.19.1)
    tilt (2.0.1)
    timers (1.1.0)

PLATFORMS
  ruby

DEPENDENCIES
  guard-shotgun!
  nokogiri
  sinatra!
  slim
  whenever!
